GIT
  remote: git://github.com/gosquared/graphite-metric.git
  revision: 44ee3629714cfe551527cbf3b4c8c8663093b730
  specs:
    graphite-metric (0.3.0)

GEM
  remote: https://rubygems.org/
  specs:
    activesupport (3.0.16)
    addressable (2.2.8)
    excon (0.5.8)
    faraday (0.5.7)
      addressable (~> 2.2.4)
      multipart-post (~> 1.1.0)
      rack (>= 1.1.0, < 2)
    i18n (0.5.0)
    json (1.7.4)
    multipart-post (1.1.5)
    pingdom-client (0.0.6.alpha)
      activesupport (~> 3.0.4)
      excon (~> 0.5.6)
      faraday (~> 0.5.7)
      i18n (~> 0.5.0)
      yajl-ruby (~> 0.8.1)
    rack (1.4.1)
    yajl-ruby (0.8.3)

PLATFORMS
  ruby

DEPENDENCIES
  graphite-metric!
  json
  pingdom-client
